GEM
  remote: http://rubygems.org/
  specs:
    backports (2.3.0)
    capistrano (2.9.0)
      highline
      net-scp (>= 1.0.0)
      net-sftp (>= 2.0.0)
      net-ssh (>= 2.0.14)
      net-ssh-gateway (>= 1.1.0)
    coffee-script (2.2.0)
      coffee-script-source
      execjs
    coffee-script-source (1.1.2)
    crack (0.1.8)
    execjs (1.2.9)
      multi_json (~> 1.0)
    haml (3.1.3)
    highline (1.6.9)
    httparty (0.7.8)
      crack (= 0.1.8)
    json (1.5.1)
    kgio (2.7.2)
    libv8 (3.3.10.4)
    monkey-lib (0.5.4)
      backports
    multi_json (1.0.3)
    net-scp (1.0.4)
      net-ssh (>= 1.99.1)
    net-sftp (2.0.5)
      net-ssh (>= 2.0.9)
    net-ssh (2.3.0)
    net-ssh-gateway (1.1.0)
      net-ssh (>= 1.99.1)
    rack (1.3.4)
    rack-protection (1.1.4)
      rack
    raindrops (0.8.0)
    rake (0.8.7)
    sass (3.1.10)
    sinatra (1.3.1)
      rack (~> 1.3, >= 1.3.4)
      rack-protection (~> 1.1, >= 1.1.2)
      tilt (~> 1.3, >= 1.3.3)
    sinatra-advanced-routes (0.5.1)
      monkey-lib (~> 0.5.0)
      sinatra (~> 1.0)
      sinatra-sugar (~> 0.5.0)
    sinatra-reloader (0.5.0)
      sinatra (~> 1.0)
      sinatra-advanced-routes (~> 0.5.0)
    sinatra-sugar (0.5.1)
      monkey-lib (~> 0.5.0)
      sinatra (~> 1.0)
    therubyracer (0.9.9)
      libv8 (~> 3.3.10)
    tilt (1.3.3)
    unicorn (4.1.1)
      kgio (~> 2.4)
      rack
      raindrops (~> 0.6)
    xml-simple (1.1.1)

PLATFORMS
  ruby

DEPENDENCIES
  capistrano
  coffee-script
  haml
  httparty
  json
  rake
  sass
  sinatra
  sinatra-reloader
  therubyracer
  unicorn
  xml-simple
